GEM
  remote: https://rubygems.org/
  specs:
    minitest (5.7.0)
    minitest-emoji (2.0.0)

PLATFORMS
  ruby

DEPENDENCIES
  minitest
  minitest-emoji

BUNDLED WITH
   1.10.4
